GEM
  remote: https://rubygems.org/
  specs:
    minitest (5.20.0)

PLATFORMS
  arm64-darwin-23
  ruby

DEPENDENCIES
  minitest

BUNDLED WITH
   2.5.3
