GEM
  remote: https://rubygems.org/
  specs:
    amazing_print (1.5.0)
    bigdecimal (3.1.5)
    oj (3.16.3)
      bigdecimal (>= 3.0)
    ougai (2.0.0)
      oj (~> 3.10)

PLATFORMS
  arm64-darwin-23
  ruby

DEPENDENCIES
  amazing_print
  ougai

BUNDLED WITH
   2.5.3
